GEM
  remote: https://rubygems.org/
  specs:
    diff-lcs (1.4.4)
    facter (2.5.7)
    facterdb (1.6.0)
      facter (< 5.0.0)
      jgrep
    fast_gettext (1.1.2)
    hiera (3.7.0)
    jgrep (1.5.4)
    locale (2.1.3)
    mocha (1.12.0)
    multi_json (1.15.0)
    pathspec (1.0.0)
    puppet (5.5.22)
      facter (> 2.0.1, < 4)
      fast_gettext (~> 1.1.2)
      hiera (>= 3.2.1, < 4)
      locale (~> 2.1)
      multi_json (~> 1.10)
    puppet-lint (2.4.2)
    puppet-syntax (3.1.0)
      puppet (>= 5)
      rake
    puppetlabs_spec_helper (3.0.0)
      mocha (~> 1.0)
      pathspec (>= 0.2.1, < 1.1.0)
      puppet-lint (~> 2.0)
      puppet-syntax (>= 2.0, < 4)
      rspec-puppet (~> 2.0)
    rake (13.0.3)
    rspec (3.10.0)
      rspec-core (~> 3.10.0)
      rspec-expectations (~> 3.10.0)
      rspec-mocks (~> 3.10.0)
    rspec-core (3.10.1)
      rspec-support (~> 3.10.0)
    rspec-expectations (3.10.1)
      diff-lcs (>= 1.2.0, < 2.0)
      rspec-support (~> 3.10.0)
    rspec-mocks (3.10.2)
      diff-lcs (>= 1.2.0, < 2.0)
      rspec-support (~> 3.10.0)
    rspec-puppet (2.9.0)
      rspec
    rspec-puppet-facts (2.0.1)
      facter
      facterdb (>= 0.5.0)
      puppet
    rspec-support (3.10.2)

PLATFORMS
  ruby

DEPENDENCIES
  puppet (= 5.5.22)
  puppet-lint
  puppet-syntax
  puppetlabs_spec_helper
  rake
  rspec-puppet
  rspec-puppet-facts

BUNDLED WITH
   2.1.4
